GEM
  remote: https://rubygems.org/
  specs:
    rack (1.6.4)
    webrick (1.3.1)

PLATFORMS
  ruby

DEPENDENCIES
  rack (~> 1.6, >= 1.6.4)
  webrick (~> 1.3, >= 1.3.1)

BUNDLED WITH
   1.10.6
